GIT
  remote: https://github.com/nwops/puppet-debugger
  revision: c5b1af8c48d2b5632fadfc8c30aede9ad980cc44
  specs:
    puppet-debugger (0.4.0)
      awesome_print (~> 1.6)
      facterdb (~> 0.3)
      puppet (>= 3.8)

GEM
  remote: https://rubygems.org/
  specs:
    CFPropertyList (2.2.8)
    awesome_print (1.7.0)
    coderay (1.1.1)
    diff-lcs (1.2.5)
    domain_name (0.5.20161021)
      unf (>= 0.0.5, < 1.0.0)
    facter (2.4.6)
      CFPropertyList (~> 2.2.6)
    facterdb (0.3.8)
      facter
      jgrep
    fast_gettext (1.1.0)
    gettext (3.2.2)
      locale (>= 2.0.5)
      text (>= 1.3.0)
    gettext-setup (0.7)
      fast_gettext (~> 1.1.0)
      gettext (>= 3.0.2)
    hiera (3.2.2)
    http-cookie (1.0.3)
      domain_name (~> 0.5)
    jgrep (1.4.1)
      json
    json (1.8.3)
    json_pure (1.8.3)
    locale (2.1.2)
    metaclass (0.0.4)
    metadata-json-lint (0.0.19)
      json
      semantic_puppet (>= 0.1.2, < 1.0.0)
      spdx-licenses (~> 1.0)
    method_source (0.8.2)
    mime-types (2.99.3)
    mocha (1.2.1)
      metaclass (~> 0.0.1)
    netrc (0.11.0)
    pry (0.10.4)
      coderay (~> 1.1.0)
      method_source (~> 0.8.1)
      slop (~> 3.4)
    puppet (4.8.0)
      CFPropertyList (~> 2.2.6)
      facter (> 2.0, < 4)
      hiera (>= 2.0, < 4)
      json_pure (~> 1.8)
    puppet-blacksmith (3.4.0)
      puppet (>= 2.7.16)
      rest-client (~> 1.8.0)
    puppet-lint (2.0.2)
    puppet-syntax (2.1.1)
      rake
    puppetlabs_spec_helper (1.2.2)
      mocha (~> 1.0)
      puppet-lint (~> 2.0)
      puppet-syntax (~> 2.0)
      rspec-puppet (~> 2.0)
    rake (11.3.0)
    rest-client (1.8.0)
      http-cookie (>= 1.0.2, < 2.0)
      mime-types (>= 1.16, < 3.0)
      netrc (~> 0.7)
    rspec (3.5.0)
      rspec-core (~> 3.5.0)
      rspec-expectations (~> 3.5.0)
      rspec-mocks (~> 3.5.0)
    rspec-core (3.5.4)
      rspec-support (~> 3.5.0)
    rspec-expectations (3.5.0)
      diff-lcs (>= 1.2.0, < 2.0)
      rspec-support (~> 3.5.0)
    rspec-mocks (3.5.0)
      diff-lcs (>= 1.2.0, < 2.0)
      rspec-support (~> 3.5.0)
    rspec-puppet (2.5.0)
      rspec
    rspec-puppet-utils (2.2.1)
    rspec-support (3.5.0)
    semantic_puppet (0.1.4)
      gettext-setup (>= 0.3)
    slop (3.6.0)
    spdx-licenses (1.1.0)
    text (1.3.1)
    unf (0.1.4)
      unf_ext
    unf_ext (0.0.7.2)

PLATFORMS
  ruby

DEPENDENCIES
  metadata-json-lint
  pry
  puppet (~> 4.8.0)
  puppet-blacksmith
  puppet-debugger!
  puppet-lint
  puppet-syntax
  puppetlabs_spec_helper
  rake
  rspec-puppet
  rspec-puppet-utils

BUNDLED WITH
   1.14.6
